GEM
  remote: http://rubygems.org/
  specs:
    SystemTimer (1.2.3)
    activemessaging (0.7.1)
      activesupport (>= 1.0.0)
    activerecord (2.3.8)
      activesupport (= 2.3.8)
    activerecord-jdbc-adapter (1.1.1)
    activerecord-jdbcmysql-adapter (1.1.1)
      activerecord-jdbc-adapter (= 1.1.1)
      jdbc-mysql (~> 5.1.0)
    activesupport (2.3.8)
    acts-as-taggable-on (2.0.6)
    builder (3.0.0)
    capillary (0.1.3)
      json (~> 1.5.1)
    chronic (0.3.0)
    daemons (1.1.0)
    diff-lcs (1.1.2)
    echoe (4.3.1)
      gemcutter
      rubyforge
    eventmachine (0.12.10)
    eventmachine (0.12.10-java)
    exception_notification (1.0.20090728)
    factory_girl (1.3.3)
    gemcutter (0.6.1)
    geoip (0.8.9)
    hodel_3000_compliant_logger (0.1.0)
    hoe (2.8.0)
      rake (>= 0.8.7)
    jdbc-mysql (5.1.13)
    json (1.5.3)
    json (1.5.3-java)
    json_pure (1.5.0)
    mime-types (1.16)
    mocha (0.9.10)
      rake
    mysql (2.8.1)
    oauth (0.4.4)
    paperclip (2.2.9.2)
    proxymachine (1.2.4)
      eventmachine (>= 0.12.10)
    rack (1.0.1)
    rake (0.8.7)
    raspell (1.2)
    rdiscount (1.3.1.1)
    redis (2.2.0)
    redis-namespace (0.7.0)
      redis (< 3.0.0)
    resque (1.9.8)
      json (>= 1.1.0)
      redis-namespace (~> 0.7.0)
      sinatra (>= 0.9.2)
      vegas (~> 0.1.2)
    revo-ssl_requirement (1.1.0)
    riddle (1.2.2)
    ruby-hmac (0.4.0)
    ruby-openid (2.1.8)
    ruby-yadis (0.3.4)
    rubyforge (2.0.4)
      json_pure (>= 1.1.7)
    shoulda (2.9.2)
    sinatra (1.0)
      rack (>= 1.0)
    state_machine (0.9.4)
    stomp (1.1)
    tuxml (0.0.1)
    validates_url_format_of (0.1.1)
      activerecord (~> 2.3.4)
    vegas (0.1.8)
      rack (>= 1.0.0)
    will_paginate (2.3.15)

PLATFORMS
  java
  ruby

DEPENDENCIES
  SystemTimer
  activemessaging
  activerecord-jdbcmysql-adapter
  acts-as-taggable-on
  builder
  capillary (~> 0.1.3)
  chronic
  daemons
  diff-lcs
  echoe
  exception_notification (~> 1.0.20090728)
  factory_girl (~> 1.3.0)
  geoip
  hodel_3000_compliant_logger
  hoe
  json (~> 1.5.1)
  mime-types
  mocha
  mysql
  oauth
  paperclip (~> 2.2.8)
  proxymachine
  rack (~> 1.0.1)
  rake
  raspell
  rdiscount (= 1.3.1.1)
  resque
  revo-ssl_requirement
  riddle
  ruby-hmac
  ruby-openid
  ruby-yadis
  shoulda (~> 2.9.1)
  state_machine
  stomp (= 1.1)
  tuxml
  validates_url_format_of
  will_paginate
