GEM
  remote: http://rubygems.org/
  specs:
    actionmailer (2.3.5)
      actionpack (= 2.3.5)
    actionpack (2.3.5)
      activesupport (= 2.3.5)
      rack (~> 1.0.0)
    activerecord (2.3.5)
      activesupport (= 2.3.5)
    activeresource (2.3.5)
      activesupport (= 2.3.5)
    activesupport (2.3.5)
    acts-as-taggable-on (2.0.6)
    builder (3.0.0)
    chronic (0.5.0)
    daemons (1.1.4)
    diff-lcs (1.1.2)
    echoe (4.3.1)
      gemcutter
      rubyforge
    eventmachine (0.12.10)
    exception_notification (1.0.20090728)
    ext (1.0.0)
    factory_girl (1.3.3)
    gemcutter (0.7.0)
    geoip (1.1.1)
    hodel_3000_compliant_logger (0.1.0)
    hoe (2.10.0)
      rake (~> 0.8)
    json (1.5.3)
    json_pure (1.5.3)
    mime-types (1.16)
    mocha (0.9.12)
    oauth (0.4.5)
    paperclip (2.2.9.2)
    pg (0.11.0)
    proxymachine (1.2.4)
      eventmachine (>= 0.12.10)
    rack (1.0.1)
    rails (2.3.5)
      actionmailer (= 2.3.5)
      actionpack (= 2.3.5)
      activerecord (= 2.3.5)
      activeresource (= 2.3.5)
      activesupport (= 2.3.5)
      rake (>= 0.8.3)
    rake (0.9.2)
    rdiscount (1.6.8)
    rdoc (3.8)
    revo-ssl_requirement (1.1.0)
    riddle (1.3.3)
    ruby-hmac (0.4.0)
    ruby-openid (2.1.8)
    ruby-yadis (0.3.4)
    rubyforge (2.0.4)
      json_pure (>= 1.1.7)
    shoulda (2.9.2)
    state_machine (1.0.1)
    stomp (1.1)
    tuxml (0.0.1)
    validates_url_format_of (0.1.2)
      activerecord (~> 2.3.4)
    will_paginate (2.3.15)

PLATFORMS
  ruby

DEPENDENCIES
  activerecord-jdbcmysql-adapter
  acts-as-taggable-on
  builder
  chronic
  daemons
  diff-lcs
  echoe (~> 4.3.1)
  exception_notification (~> 1.0.20090728)
  ext
  factory_girl (~> 1.3.0)
  geoip
  hodel_3000_compliant_logger
  hoe
  json
  mime-types
  mocha
  oauth
  paperclip (~> 2.2.8)
  pg
  proxymachine
  rack (~> 1.0.1)
  rails (~> 2.3.5)
  rake
  rdiscount
  rdoc
  revo-ssl_requirement
  riddle
  ruby-hmac
  ruby-openid
  ruby-yadis
  shoulda (~> 2.9.1)
  state_machine
  stomp (= 1.1)
  tuxml
  validates_url_format_of
  will_paginate
